GEM
  remote: https://rubygems.org/
  specs:
    albacore (0.3.5)
      rubyzip
    rubyzip (0.9.9)
    sass (3.3.6)

PLATFORMS
  x86-mingw32

DEPENDENCIES
  albacore (= 0.3.5)
  rubyzip (= 0.9.9)
  sass (~> 3.3.3)
